GEM
  remote: https://ruby.taobao.org/
  specs:
    activemodel (4.2.6)
      activesupport (= 4.2.6)
      builder (~> 3.1)
    activerecord (4.2.6)
      activemodel (= 4.2.6)
      activesupport (= 4.2.6)
      arel (~> 6.0)
    activerecord-jdbc-adapter (1.3.20)
      activerecord (>= 2.2)
    activerecord-jdbcsqlite3-adapter (1.3.20)
      activerecord-jdbc-adapter (~> 1.3.20)
      jdbc-sqlite3 (>= 3.7.2, < 3.9)
    activesupport (4.2.6)
      i18n (~> 0.7)
      json (~> 1.7, >= 1.7.7)
      minitest (~> 5.1)
      thread_safe (~> 0.3, >= 0.3.4)
      tzinfo (~> 1.1)
    arel (6.0.3)
    builder (3.2.2)
    convertlabsdk (0.5.0)
      activerecord (~> 4.2)
      rest-client (~> 1.8)
    domain_name (0.5.20160310)
      unf (>= 0.0.5, < 1.0.0)
    http-cookie (1.0.2)
      domain_name (~> 0.5)
    i18n (0.7.0)
    jdbc-sqlite3 (3.8.11.2)
    json (1.8.3)
    json (1.8.3-java)
    mime-types (2.99.1)
    minitest (5.8.4)
    netrc (0.11.0)
    rest-client (1.8.0)
      http-cookie (>= 1.0.2, < 2.0)
      mime-types (>= 1.16, < 3.0)
      netrc (~> 0.7)
    sqlite3 (1.3.11)
    thread_safe (0.3.5)
    thread_safe (0.3.5-java)
    tzinfo (1.2.2)
      thread_safe (~> 0.1)
    unf (0.1.4)
      unf_ext
    unf (0.1.4-java)
    unf_ext (0.0.7.2)

PLATFORMS
  java
  ruby

DEPENDENCIES
  activerecord-jdbcsqlite3-adapter
  convertlabsdk (= 0.5.0)
  jdbc-sqlite3
  sqlite3

BUNDLED WITH
   1.11.2
